GEM
  remote: https://rubygems.org/
  specs:
    http-2 (0.10.0)
    http-form_data (2.1.1)
    http_parser.rb (0.6.0)
    httpx (0.2.1)
      http-2 (>= 0.9.0)
      http-form_data (>= 2.0.0, < 3)
      http_parser.rb (>= 0.6.0)
    mail (2.7.0)
      mini_mime (>= 0.1.1)
    mime (0.4.4)
    mini_mime (1.0.0)
    ruby-gmail (0.3.1)
      mail (>= 2.2.1)
      mime (>= 0.1)
      shared-mime-info
    shared-mime-info (0.2.5)

PLATFORMS
  ruby

DEPENDENCIES
  httpx (~> 0.2.1)
  mime (= 0.4.4)
  ruby-gmail (= 0.3.1)

BUNDLED WITH
   2.1.4
